GEM
  remote: http://rubygems.org/
  specs:
    json (1.6.5)
    mime-types (1.17.2)
    rest-client (1.6.7)
      mime-types (>= 1.16)

PLATFORMS
  ruby

DEPENDENCIES
  json (= 1.6.5)
  rest-client (= 1.6.7)
